PATH
  remote: .
  specs:
    project_hanlon (3.0.1)
      base62 (~> 1.0)
      bzip2-ffi (~> 1.0)
      cassandra-driver (~> 2.1)
      colored (~> 1.2)
      daemons (~> 1.2)
      facter (~> 2.4)
      grape (~> 0.13.0)
      grape-swagger (~> 0.10.2)
      json (~> 1.8)
      logger (~> 1.2)
      mongo (~> 1.12)
      net-scp (~> 1.2)
      net-ssh (~> 3.0)
      pg (~> 0.18.4)
      puma (>= 2.15, < 6.0)
      rubyipmi (~> 0.10.0)
      rufus-scheduler (~> 3.1)
      uuid (~> 2.3)

GEM
  remote: http://rubygems.org/
  specs:
    activesupport (6.1.3.2)
      concurrent-ruby (~> 1.0, >= 1.0.2)
      i18n (>= 1.6, < 2)
      minitest (>= 5.1)
      tzinfo (~> 2.0)
      zeitwerk (~> 2.3)
    axiom-types (0.1.1)
      descendants_tracker (~> 0.0.4)
      ice_nine (~> 0.11.0)
      thread_safe (~> 0.3, >= 0.3.1)
    base62 (1.0.0)
    bson (1.12.5)
    builder (3.2.4)
    bzip2-ffi (1.1.0)
      ffi (~> 1.0)
    cassandra-driver (2.1.7)
      ione (~> 1.2)
    coercible (1.0.0)
      descendants_tracker (~> 0.0.1)
    colored (1.2)
    concurrent-ruby (1.1.8)
    daemons (1.4.0)
    descendants_tracker (0.0.4)
      thread_safe (~> 0.3, >= 0.3.1)
    diff-lcs (1.2.5)
    equalizer (0.0.11)
    et-orbi (1.2.4)
      tzinfo
    facter (2.5.7)
    ffi (1.15.0)
    fugit (1.4.5)
      et-orbi (~> 1.1, >= 1.1.8)
      raabro (~> 1.4)
    grape (0.13.0)
      activesupport
      builder
      hashie (>= 2.1.0)
      multi_json (>= 1.3.2)
      multi_xml (>= 0.5.2)
      rack (>= 1.3.0)
      rack-accept
      rack-mount
      virtus (>= 1.0.0)
    grape-entity (0.4.8)
      activesupport
      multi_json (>= 1.3.2)
    grape-swagger (0.10.5)
      grape (>= 0.10.0)
      grape-entity (< 0.5.0)
    hashie (4.1.0)
    i18n (1.8.10)
      concurrent-ruby (~> 1.0)
    ice_nine (0.11.2)
    ione (1.2.4)
    json (1.8.6)
    logger (1.4.3)
    macaddr (1.7.2)
      systemu (~> 2.6.5)
    minitest (5.14.4)
    mongo (1.12.5)
      bson (= 1.12.5)
    multi_json (1.15.0)
    multi_xml (0.6.0)
    net-scp (1.2.1)
      net-ssh (>= 2.6.5)
    net-ssh (3.2.0)
    nio4r (2.5.7)
    pg (0.18.4)
    puma (5.3.1)
      nio4r (~> 2.0)
    raabro (1.4.0)
    rack (2.2.3)
    rack-accept (0.4.5)
      rack (>= 0.4)
    rack-mount (0.8.3)
      rack (>= 1.0.0)
    rspec (3.4.0)
      rspec-core (~> 3.4.0)
      rspec-expectations (~> 3.4.0)
      rspec-mocks (~> 3.4.0)
    rspec-core (3.4.1)
      rspec-support (~> 3.4.0)
    rspec-expectations (3.4.0)
      diff-lcs (>= 1.2.0, < 2.0)
      rspec-support (~> 3.4.0)
    rspec-mocks (3.4.0)
      diff-lcs (>= 1.2.0, < 2.0)
      rspec-support (~> 3.4.0)
    rspec-support (3.4.1)
    rubyipmi (0.10.0)
    rufus-scheduler (3.7.0)
      fugit (~> 1.1, >= 1.1.6)
    systemu (2.6.5)
    thread_safe (0.3.6)
    tzinfo (2.0.4)
      concurrent-ruby (~> 1.0)
    uuid (2.3.9)
      macaddr (~> 1.0)
    virtus (1.0.5)
      axiom-types (~> 0.1)
      coercible (~> 1.0)
      descendants_tracker (~> 0.0, >= 0.0.3)
      equalizer (~> 0.0, >= 0.0.9)
    zeitwerk (2.4.2)

PLATFORMS
  ruby

DEPENDENCIES
  project_hanlon!
  rspec (~> 3.4)
  rspec-expectations (~> 3.4)
  rspec-mocks (~> 3.4)
